GEM
  remote: http://rubygems.org/
  specs:
    colored (1.2)
    cri (2.5.0)
      colored (~> 1.2)
    nanoc (3.6.7)
      cri (~> 2.3)

PLATFORMS
  ruby

DEPENDENCIES
  nanoc
